REDIRECTS: ON
FRAMEWORK: NET452
NUGET
  remote: https://www.nuget.org/api/v2
    Akka (1.1.2)
      Newtonsoft.Json (>= 9.0.1)
      System.Collections.Immutable (>= 1.1.36)
    Akka.Cluster (1.1.2)
      Akka.Remote (>= 1.1.2)
      Google.ProtocolBuffers (>= 2.4.1.555)
      System.Collections.Immutable (>= 1.1.36)
    Akka.Cluster.Sharding (1.1.2.30-beta)
      Akka.Cluster.Tools (>= 1.1.2.30-beta)
      Akka.Persistence (>= 1.1.2.30-beta)
      Google.ProtocolBuffers (>= 2.4.1.555)
      System.Collections.Immutable (>= 1.1.36)
    Akka.Cluster.Tools (1.1.2.30-beta)
      Akka.Cluster (>= 1.1.2)
      Google.ProtocolBuffers (>= 2.4.1.555)
      System.Collections.Immutable (>= 1.1.36)
    Akka.Logger.Serilog (1.1.2)
      Akka (>= 1.1.2)
      Newtonsoft.Json (>= 9.0.1)
      Serilog (>= 2.3)
      System.Collections.Immutable (>= 1.1.36)
    Akka.Persistence (1.1.2.30-beta)
      Akka (>= 1.1.2)
      Google.ProtocolBuffers (>= 2.4.1.555)
      Newtonsoft.Json (>= 9.0.1)
      System.Collections.Immutable (>= 1.1.36)
    Akka.Remote (1.1.2)
      Akka (>= 1.1.2)
      Google.ProtocolBuffers (>= 2.4.1.555)
      Helios (>= 2.1.2)
      System.Collections.Immutable (>= 1.1.36)
    Akka.Serialization.Wire (1.1.1.28-beta)
      Akka (>= 1.1.1)
      Wire (>= 0.0.6)
    Akka.TestKit (1.1.2)
      Akka (>= 1.1.2)
    Akka.TestKit.NUnit3 (1.1.2)
      Akka (>= 1.1.2)
      Akka.TestKit (>= 1.1.2)
      Newtonsoft.Json (>= 9.0.1)
      NUnit (>= 3.4.1)
      System.Collections.Immutable (>= 1.1.36)
    Akka.TestKit.Xunit2 (1.1.2)
      Akka.TestKit (>= 1.1.2)
      xunit (>= 2.1)
      xunit.abstractions (>= 2.0)
      xunit.assert (>= 2.1)
      xunit.core (>= 2.1)
      xunit.extensibility.core (>= 2.1)
      xunit.extensibility.execution (>= 2.1)
    Akkling (0.4.2)
      Akka (>= 1.1.2-prerelease)
      Akka.Serialization.Wire (>= 1.1.1.28-beta)
      FsPickler
      FSPowerPack.Linq.Community
      Newtonsoft.Json
      System.Collections.Immutable (>= 1.1.36)
      Wire (0.0.6)
    Akkling.Cluster.Sharding (0.4.2)
      Akka (>= 1.1.2-prerelease)
      Akka.Cluster (>= 1.1.2-prerelease)
      Akka.Cluster.Sharding (>= 1.1.2.30-beta)
      Akka.Cluster.Tools (>= 1.1.2.30-beta)
      Akka.Persistence (>= 1.1.2.30-beta)
      Akkling (>= 0.4.2)
      Akkling.Persistence (>= 0.4.2)
      Newtonsoft.Json
      Wire (0.0.6)
    Akkling.Persistence (0.4.2)
      Akka (>= 1.1.2-prerelease)
      Akka.Persistence (>= 1.1.2.30-beta)
      Akkling (>= 0.4.2)
      FSPowerPack.Linq.Community
      Newtonsoft.Json
    Akkling.TestKit (0.4.2)
      Akka (>= 1.1.2-prerelease)
      Akka.TestKit.Xunit2 (>= 1.1.0-prerelease)
      Akkling (>= 0.4.2)
      FsCheck.Xunit
      System.Collections.Immutable (>= 1.1.36)
    FsCheck (2.6.2)
      FSharp.Core (>= 3.1.2.5)
    FsCheck.Xunit (2.6.2)
      FsCheck (>= 2.6.2)
      xunit.extensibility.execution (>= 2.1 < 3.0)
    FSharp.Core (4.0.0.1)
    FsPickler (3.2)
    FSPowerPack.Core.Community (3.0)
    FSPowerPack.Linq.Community (3.0)
      FSPowerPack.Core.Community
    FsUnit (2.3.2)
      FSharp.Core (>= 3.1.2.5)
      NUnit (3.5)
    Google.ProtocolBuffers (2.4.1.555)
    Helios (2.1.3)
    Newtonsoft.Json (9.0.1)
    NUnit (3.5)
    NUnit.Console (3.5)
      NUnit.ConsoleRunner (>= 3.5)
      NUnit.Extension.NUnitProjectLoader (>= 3.5)
      NUnit.Extension.NUnitV2Driver (>= 3.5)
      NUnit.Extension.NUnitV2ResultWriter (>= 3.5)
      NUnit.Extension.TeamCityEventListener (>= 1.0.2)
      NUnit.Extension.VSProjectLoader (>= 3.5)
    NUnit.ConsoleRunner (3.5)
    NUnit.Extension.NUnitProjectLoader (3.5)
    NUnit.Extension.NUnitV2Driver (3.5)
    NUnit.Extension.NUnitV2ResultWriter (3.5)
    NUnit.Extension.TeamCityEventListener (1.0.2)
    NUnit.Extension.VSProjectLoader (3.5)
    NUnitTestAdapter (2.0)
    Serilog (2.3)
    Serilog.Formatting.Compact (1.0)
      Serilog (>= 2.0)
    Serilog.Sinks.ColoredConsole (2.0)
      Serilog (>= 2.0)
    Serilog.Sinks.Console (2.1)
      Serilog (>= 2.0)
    Serilog.Sinks.File (3.2)
      Serilog (>= 2.3)
    Serilog.Sinks.PeriodicBatching (2.1)
      Serilog (>= 2.0)
    Serilog.Sinks.RollingFile (3.3)
      Serilog.Sinks.File (>= 3.2)
    Serilog.Sinks.Seq (3.2)
      Serilog (>= 2.3)
      Serilog.Formatting.Compact (>= 1.0)
      Serilog.Sinks.File (>= 3.2)
      Serilog.Sinks.PeriodicBatching (>= 2.1)
      Serilog.Sinks.RollingFile (>= 3.3)
    SpecFlow (2.1)
    SpecFlow.NUnit (2.1)
      NUnit (>= 3.0)
      SpecFlow (2.1)
    SpecFlow.NUnit.Runners (2.1)
      NUnit.Console (>= 3.0)
      SpecFlow.NUnit (2.1)
    System.Collections.Immutable (1.3.1)
    Wire (0.0.6)
    xunit (2.1)
      xunit.assert (2.1)
      xunit.core (2.1)
    xunit.abstractions (2.0)
    xunit.assert (2.1)
    xunit.core (2.1)
      xunit.extensibility.core (2.1)
      xunit.extensibility.execution (2.1)
    xunit.extensibility.core (2.1)
      xunit.abstractions (2.0)
    xunit.extensibility.execution (2.1)
      xunit.extensibility.core (2.1)
